GEM
  remote: http://rubygems.org/
  specs:
    activesupport (3.2.11)
      i18n (~> 0.6)
      multi_json (~> 1.0)
    backports (2.6.7)
    builder (3.1.4)
    daemons (1.1.9)
    descendants_tracker (0.0.1)
    diff-lcs (1.1.3)
    eventmachine (0.12.10)
    grape (0.2.6)
      activesupport
      builder
      hashie (~> 1.2)
      multi_json (>= 1.3.2)
      multi_xml (>= 0.5.2)
      rack
      rack-accept
      rack-mount
      virtus
    hashie (1.2.0)
    i18n (0.6.1)
    json (1.7.6)
    multi_json (1.5.0)
    multi_xml (0.5.2)
    rack (1.4.1)
    rack-accept (0.4.5)
      rack (>= 0.4)
    rack-mount (0.8.3)
      rack (>= 1.0.0)
    rack-test (0.6.2)
      rack (>= 1.0)
    rake (10.0.3)
    rspec (2.12.0)
      rspec-core (~> 2.12.0)
      rspec-expectations (~> 2.12.0)
      rspec-mocks (~> 2.12.0)
    rspec-core (2.12.2)
    rspec-expectations (2.12.1)
      diff-lcs (~> 1.1.3)
    rspec-mocks (2.12.1)
    sinatra (1.1.0)
      rack (~> 1.1)
      tilt (~> 1.1)
    thin (1.4.1)
      daemons (>= 1.0.9)
      eventmachine (>= 0.12.6)
      rack (>= 1.0.0)
    tilt (1.3.3)
    virtus (0.5.4)
      backports (~> 2.6.1)
      descendants_tracker (~> 0.0.1)

PLATFORMS
  ruby

DEPENDENCIES
  bundler
  grape
  json
  rack-test
  rake
  rspec
  sinatra (= 1.1.0)
  thin
